PATH
  remote: .
  specs:
    transrate (0.0.1)
      bettersam
      bio
      rake (~> 10.1.0)
      trollop (~> 2.0)
      which

GEM
  remote: https://rubygems.org/
  specs:
    ansi (1.4.3)
    bettersam (0.0.1.alpha)
    bio (1.4.3)
    colorize (0.5.8)
    coveralls (0.6.7)
      colorize
      multi_json (~> 1.3)
      rest-client
      simplecov (>= 0.7)
      thor
    facade (1.0.5)
    mime-types (1.23)
    multi_json (1.7.7)
    pathname2 (1.6.5)
      facade
    rake (10.1.0)
    rest-client (1.6.7)
      mime-types (>= 1.16)
    shoulda-context (1.1.5)
    simplecov (0.7.1)
      multi_json (~> 1.0)
      simplecov-html (~> 0.7.1)
    simplecov-html (0.7.1)
    thor (0.16.0)
    trollop (2.0)
    turn (0.9.6)
      ansi
    which (0.0.2)
      pathname2 (>= 1.4.4)

PLATFORMS
  ruby

DEPENDENCIES
  coveralls (~> 0.6.7)
  shoulda-context
  simplecov
  transrate!
  turn
